GIT
  remote: git://github.com/rails/prototype_legacy_helper.git
  revision: a2cd95c3e3c1a4f7a9566efdab5ce59c886cb05f
  specs:
    prototype_legacy_helper (0.0.0)

PATH
  remote: vendor/engines/advertisement_management
  specs:
    advertisement_management (0.0.1)
      activerecord-session_store (= 0.1.0)
      acts_as_list (= 0.3.0)
      acts_as_tree (= 1.5.0)
      capybara (= 2.2.1)
      ckeditor (= 4.0.8)
      database_cleaner (= 1.2.0)
      factory_girl_rails (= 4.3.0)
      iconv (= 1.0.4)
      kaminari (= 0.15.0)
      mail-iso-2022-jp (= 2.0.2)
      nokogiri (= 1.6.1)
      paperclip (= 3.5.2)
      pg (= 0.17.1)
      rails (= 4.0.2)
      rails_config (= 0.3.3)
      rspec-rails (= 2.14.1)
      sdoc
      shoulda-matchers (= 2.4.0)
      timecop (= 0.7.1)
      twitter-bootstrap-rails (= 2.2.8)

PATH
  remote: vendor/engines/blog_management
  specs:
    blog_management (0.0.1)
      activerecord-session_store (= 0.1.0)
      acts_as_list (= 0.3.0)
      acts_as_tree (= 1.5.0)
      capybara (= 2.2.1)
      ckeditor (= 4.0.8)
      coffee-rails (= 4.0.1)
      database_cleaner (= 1.2.0)
      factory_girl_rails (= 4.3.0)
      iconv (= 1.0.4)
      kaminari (= 0.15.0)
      nokogiri (= 1.6.1)
      paperclip (= 3.5.2)
      pg (= 0.17.1)
      rails (= 4.0.2)
      rails_config (= 0.3.3)
      rspec-rails (= 2.14.1)
      sdoc
      shoulda-matchers (= 2.4.0)
      therubyracer (= 0.12.0)
      timecop (= 0.7.1)
      twitter-bootstrap-rails (= 2.2.8)

PATH
  remote: vendor/engines/consult_management
  specs:
    consult_management (0.0.1)
      activerecord-session_store (= 0.1.0)
      acts_as_list (= 0.3.0)
      acts_as_tree (= 1.5.0)
      capybara (= 2.2.1)
      ckeditor (= 4.0.8)
      database_cleaner (= 1.2.0)
      factory_girl_rails (= 4.3.0)
      iconv (= 1.0.4)
      kaminari (= 0.15.0)
      nokogiri (= 1.6.1)
      paperclip (= 3.5.2)
      pg (= 0.17.1)
      rails (= 4.0.2)
      rails_config (= 0.3.3)
      rspec-rails (= 2.14.1)
      sdoc
      shoulda-matchers (= 2.4.0)
      timecop (= 0.7.1)
      twitter-bootstrap-rails (= 2.2.8)

PATH
  remote: vendor/engines/event_calendar
  specs:
    event_calendar (0.0.1)
      activerecord-session_store (= 0.1.0)
      acts_as_list (= 0.3.0)
      acts_as_tree (= 1.5.0)
      capybara (= 2.2.1)
      ckeditor (= 4.0.8)
      database_cleaner (= 1.2.0)
      factory_girl_rails (= 4.3.0)
      iconv (= 1.0.4)
      kaminari (= 0.15.0)
      mail-iso-2022-jp (= 2.0.2)
      nokogiri (= 1.6.1)
      paperclip (= 3.5.2)
      pg (= 0.17.1)
      rails (= 4.0.2)
      rails_config (= 0.3.3)
      rspec-rails (= 2.14.1)
      sdoc
      shoulda-matchers (= 2.4.0)
      timecop (= 0.7.1)
      twitter-bootstrap-rails (= 2.2.8)

PATH
  remote: vendor/engines/import_page
  specs:
    import_page (0.0.1)
      rubyzip (= 1.1.0)

PATH
  remote: vendor/engines/lost_link_check
  specs:
    lost_link_check (0.0.1)
      activerecord-session_store (= 0.1.0)
      acts_as_list (= 0.3.0)
      acts_as_tree (= 1.5.0)
      capybara (= 2.2.1)
      ckeditor (= 4.0.8)
      database_cleaner (= 1.2.0)
      factory_girl_rails (= 4.3.0)
      iconv (= 1.0.4)
      kaminari (= 0.15.0)
      mail-iso-2022-jp (= 2.0.2)
      nokogiri (= 1.6.1)
      paperclip (= 3.5.2)
      pg (= 0.17.1)
      rails (= 4.0.2)
      rails_config (= 0.3.3)
      rspec-rails (= 2.14.1)
      sdoc
      shoulda-matchers (= 2.4.0)
      timecop (= 0.7.1)
      twitter-bootstrap-rails (= 2.2.8)

PATH
  remote: vendor/engines/section_info_configure
  specs:
    section_info_configure (0.0.1)
      activerecord-session_store (= 0.1.0)
      acts_as_list (= 0.3.0)
      acts_as_tree (= 1.5.0)
      capybara (= 2.2.1)
      ckeditor (= 4.0.8)
      database_cleaner (= 1.2.0)
      factory_girl_rails (= 4.3.0)
      iconv (= 1.0.4)
      kaminari (= 0.15.0)
      mail-iso-2022-jp (= 2.0.2)
      nokogiri (= 1.6.1)
      paperclip (= 3.5.2)
      pg (= 0.17.1)
      rails (= 4.0.2)
      rails_config (= 0.3.3)
      rspec-rails (= 2.14.1)
      sdoc
      shoulda-matchers (= 2.4.0)
      timecop (= 0.7.1)
      twitter-bootstrap-rails (= 2.2.8)

PATH
  remote: vendor/engines/site_design
  specs:
    site_design (0.0.1)
      activerecord-session_store (= 0.1.0)
      acts_as_list (= 0.3.0)
      acts_as_tree (= 1.5.0)
      capybara (= 2.2.1)
      ckeditor (= 4.0.8)
      database_cleaner (= 1.2.0)
      factory_girl_rails (= 4.3.0)
      iconv (= 1.0.4)
      kaminari (= 0.15.0)
      mail-iso-2022-jp (= 2.0.2)
      nokogiri (= 1.6.1)
      paperclip (= 3.5.2)
      pg (= 0.17.1)
      rails (= 4.0.2)
      rails_config (= 0.3.3)
      rspec-rails (= 2.14.1)
      sdoc
      shoulda-matchers (= 2.4.0)
      timecop (= 0.7.1)
      twitter-bootstrap-rails (= 2.2.8)

GEM
  remote: https://rubygems.org/
  specs:
    actionmailer (4.0.2)
      actionpack (= 4.0.2)
      mail (~> 2.5.4)
    actionpack (4.0.2)
      activesupport (= 4.0.2)
      builder (~> 3.1.0)
      erubis (~> 2.7.0)
      rack (~> 1.5.2)
      rack-test (~> 0.6.2)
    activemodel (4.0.2)
      activesupport (= 4.0.2)
      builder (~> 3.1.0)
    activerecord (4.0.2)
      activemodel (= 4.0.2)
      activerecord-deprecated_finders (~> 1.0.2)
      activesupport (= 4.0.2)
      arel (~> 4.0.0)
    activerecord-deprecated_finders (1.0.4)
    activerecord-import (0.5.0)
      activerecord (>= 3.0)
    activerecord-session_store (0.1.0)
      actionpack (>= 4.0.0, < 5)
      activerecord (>= 4.0.0, < 5)
      railties (>= 4.0.0, < 5)
    activesupport (4.0.2)
      i18n (~> 0.6, >= 0.6.4)
      minitest (~> 4.2)
      multi_json (~> 1.3)
      thread_safe (~> 0.1)
      tzinfo (~> 0.3.37)
    acts_as_list (0.3.0)
      activerecord (>= 3.0)
    acts_as_tree (1.5.0)
      activerecord (>= 3.0.0)
    arel (4.0.2)
    bartt-ssl_requirement (1.4.2)
    builder (3.1.4)
    capybara (2.2.1)
      mime-types (>= 1.16)
      nokogiri (>= 1.3.3)
      rack (>= 1.0.0)
      rack-test (>= 0.5.4)
      xpath (~> 2.0)
    chronic (0.10.2)
    chunky_png (1.3.8)
    ckeditor (4.0.8)
      mime-types
      orm_adapter
    climate_control (0.2.0)
    cocaine (0.5.8)
      climate_control (>= 0.0.3, < 1.0)
    coffee-rails (4.0.1)
      coffee-script (>= 2.2.0)
      railties (>= 4.0.0, < 5.0)
    coffee-script (2.4.1)
      coffee-script-source
      execjs
    coffee-script-source (1.12.2)
    commonjs (0.2.7)
    database_cleaner (1.2.0)
    diff-lcs (1.3)
    erubis (2.7.0)
    execjs (2.7.0)
    factory_girl (4.3.0)
      activesupport (>= 3.0.0)
    factory_girl_rails (4.3.0)
      factory_girl (~> 4.3.0)
      railties (>= 3.0.0)
    hike (1.2.3)
    i18n (0.8.6)
    iconv (1.0.4)
    jbuilder (1.0.2)
      activesupport (>= 3.0.0)
    jpmobile (4.0.0)
    jquery-rails (3.0.4)
      railties (>= 3.0, < 5.0)
      thor (>= 0.14, < 2.0)
    jquery-ui-rails (4.1.1)
      railties (>= 3.1.0)
    json (1.8.6)
    kaminari (0.15.0)
      actionpack (>= 3.0.0)
      activesupport (>= 3.0.0)
    less (2.4.0)
      commonjs (~> 0.2.7)
    less-rails (2.4.2)
      actionpack (>= 3.1)
      less (~> 2.4.0)
    libv8 (3.16.14.19)
    mail (2.5.4)
      mime-types (~> 1.16)
      treetop (~> 1.4.8)
    mail-iso-2022-jp (2.0.2)
      mail (>= 2.2.6, <= 2.5.4)
    mime-types (1.25.1)
    mini_portile (0.5.3)
    minitest (4.7.5)
    multi_json (1.12.1)
    nokogiri (1.6.1)
      mini_portile (~> 0.5.0)
    orm_adapter (0.5.0)
    paperclip (3.5.2)
      activemodel (>= 3.0.0)
      activesupport (>= 3.0.0)
      cocaine (~> 0.5.3)
      mime-types
    pg (0.17.1)
    polyglot (0.3.5)
    prototype-rails (4.0.0)
      rails (~> 4.0)
    quiet_assets (1.0.2)
      railties (>= 3.1, < 5.0)
    rack (1.5.5)
    rack-test (0.6.3)
      rack (>= 1.0)
    rails (4.0.2)
      actionmailer (= 4.0.2)
      actionpack (= 4.0.2)
      activerecord (= 4.0.2)
      activesupport (= 4.0.2)
      bundler (>= 1.3.0, < 2.0)
      railties (= 4.0.2)
      sprockets-rails (~> 2.0.0)
    rails_config (0.3.3)
      activesupport (>= 3.0)
    railties (4.0.2)
      actionpack (= 4.0.2)
      activesupport (= 4.0.2)
      rake (>= 0.8.7)
      thor (>= 0.18.1, < 2.0)
    rake (10.3.0)
    rdoc (4.3.0)
    ref (2.0.0)
    rmagick (2.13.2)
    rqrcode (0.4.2)
    rqrcode_png (0.1.2)
      chunky_png
      rqrcode
    rspec-core (2.14.8)
    rspec-expectations (2.14.5)
      diff-lcs (>= 1.1.3, < 2.0)
    rspec-mocks (2.14.6)
    rspec-rails (2.14.1)
      actionpack (>= 3.0)
      activemodel (>= 3.0)
      activesupport (>= 3.0)
      railties (>= 3.0)
      rspec-core (~> 2.14.0)
      rspec-expectations (~> 2.14.0)
      rspec-mocks (~> 2.14.0)
    rubyzip (1.1.0)
    sdoc (0.4.2)
      json (~> 1.7, >= 1.7.7)
      rdoc (~> 4.0)
    shoulda-matchers (2.4.0)
      activesupport (>= 3.0.0)
    sprockets (2.12.4)
      hike (~> 1.2)
      multi_json (~> 1.0)
      rack (~> 1.0)
      tilt (~> 1.1, != 1.3.0)
    sprockets-rails (2.0.1)
      actionpack (>= 3.0)
      activesupport (>= 3.0)
      sprockets (~> 2.8)
    sqlite3 (1.3.13)
    therubyracer (0.12.0)
      libv8 (~> 3.16.14.0)
      ref
    thor (0.20.0)
    thread_safe (0.3.6)
    tilt (1.4.1)
    timecop (0.7.1)
    treetop (1.4.15)
      polyglot
      polyglot (>= 0.3.1)
    twitter-bootstrap-rails (2.2.8)
      actionpack (>= 3.1)
      execjs
      rails (>= 3.1)
      railties (>= 3.1)
    tzinfo (0.3.53)
    uglifier (3.2.0)
      execjs (>= 0.3.0, < 3)
    whenever (0.9.7)
      chronic (>= 0.6.3)
    xpath (2.1.0)
      nokogiri (~> 1.3)

PLATFORMS
  ruby

DEPENDENCIES
  activerecord-import (= 0.5.0)
  activerecord-session_store (= 0.1.0)
  acts_as_list (= 0.3.0)
  acts_as_tree (= 1.5.0)
  advertisement_management!
  bartt-ssl_requirement (= 1.4.2)
  blog_management!
  capybara (= 2.2.1)
  ckeditor (= 4.0.8)
  coffee-rails (= 4.0.1)
  consult_management!
  database_cleaner (= 1.2.0)
  event_calendar!
  factory_girl_rails (= 4.3.0)
  iconv (= 1.0.4)
  import_page!
  jbuilder (= 1.0.2)
  jpmobile (= 4.0.0)
  jquery-rails (= 3.0.4)
  jquery-ui-rails (= 4.1.1)
  kaminari (= 0.15.0)
  less-rails (= 2.4.2)
  lost_link_check!
  mail-iso-2022-jp (= 2.0.2)
  paperclip (= 3.5.2)
  pg
  prototype-rails (= 4.0.0)
  prototype_legacy_helper (= 0.0.0)!
  quiet_assets (= 1.0.2)
  rails (= 4.0.2)
  rails_config (= 0.3.3)
  rmagick
  rqrcode (= 0.4.2)
  rqrcode_png (= 0.1.2)
  rspec-rails (= 2.14.1)
  sdoc
  section_info_configure!
  shoulda-matchers (= 2.4.0)
  site_design!
  sqlite3
  therubyracer (= 0.12.0)
  timecop (= 0.7.1)
  twitter-bootstrap-rails (= 2.2.8)
  uglifier (>= 1.3.0)
  whenever

BUNDLED WITH
   1.15.4
